GEM
  remote: https://rubygems.org/
  specs:
    breakpoint (2.4.6)
      sass (~> 3.3.0)
      sassy-maps (< 1.0.0)
    rainbow (2.0.0)
    sass (3.3.14)
    sassy-maps (0.4.0)
      sass (~> 3.3)
    scss-lint (0.27.0)
      rainbow (~> 2.0)
      sass (~> 3.3.0, >= 3.3.7)
    susy (2.1.3)
      sass (>= 3.3.0, < 3.5)

PLATFORMS
  ruby
  x64-mingw32

DEPENDENCIES
  breakpoint (~> 2.4.0)
  scss-lint (~> 0.27.0)
  susy (~> 2.1.3)

RUBY VERSION
   ruby 2.2.2p95

BUNDLED WITH
   1.13.7
